GEM
  remote: http://rubygems.org/
  specs:
    chronic (0.10.2)
    timetwister (0.2.7)
      chronic (~> 0.10.2)

PLATFORMS
  java

DEPENDENCIES
  timetwister (= 0.2.7)

BUNDLED WITH
   1.12.5
